GIT
  remote: https://github.com/verse-rb/verse-core.git
  revision: 6b7edcfb614fdbeb5865daa6373dbbe5fa3e579d
  branch: master
  specs:
    verse-core (2.0.0)
      i18n (~> 1.10.0)
      thor (~> 1.2.1)
      verse-schema (~> 0.1.0)

GIT
  remote: https://github.com/verse-rb/verse-schema.git
  revision: 93677df7d86c209f60f280a4db51dfa1a9ea9e36
  branch: master
  specs:
    verse-schema (0.1.0)

PATH
  remote: .
  specs:
    verse-redis (0.1.0)
      fugit (~> 1.11)
      redis (~> 5)

GEM
  remote: https://rubygems.org/
  specs:
    ast (2.4.2)
    bootsnap (1.17.1)
      msgpack (~> 1.2)
    coderay (1.1.3)
    concurrent-ruby (1.2.3)
    connection_pool (2.4.1)
    diff-lcs (1.5.0)
    docile (1.4.0)
    et-orbi (1.2.11)
      tzinfo
    fugit (1.11.0)
      et-orbi (~> 1, >= 1.2.11)
      raabro (~> 1.4)
    i18n (1.10.0)
      concurrent-ruby (~> 1.0)
    json (2.7.1)
    language_server-protocol (3.17.0.3)
    method_source (1.0.0)
    msgpack (1.7.2)
    parallel (1.24.0)
    parser (3.3.0.5)
      ast (~> 2.4.1)
      racc
    pry (0.14.2)
      coderay (~> 1.1)
      method_source (~> 1.0)
    raabro (1.4.0)
    racc (1.7.3)
    rainbow (3.1.1)
    rake (13.1.0)
    redis (5.0.8)
      redis-client (>= 0.17.0)
    redis-client (0.19.1)
      connection_pool
    regexp_parser (2.9.0)
    relaxed-rubocop (2.5)
    rexml (3.2.6)
    rspec (3.12.0)
      rspec-core (~> 3.12.0)
      rspec-expectations (~> 3.12.0)
      rspec-mocks (~> 3.12.0)
    rspec-core (3.12.2)
      rspec-support (~> 3.12.0)
    rspec-expectations (3.12.3)
      diff-lcs (>= 1.2.0, < 2.0)
      rspec-support (~> 3.12.0)
    rspec-mocks (3.12.6)
      diff-lcs (>= 1.2.0, < 2.0)
      rspec-support (~> 3.12.0)
    rspec-support (3.12.1)
    rubocop (1.60.2)
      json (~> 2.3)
      language_server-protocol (>= 3.17.0)
      parallel (~> 1.10)
      parser (>= 3.3.0.2)
      rainbow (>= 2.2.2, < 4.0)
      regexp_parser (>= 1.8, < 3.0)
      rexml (>= 3.2.5, < 4.0)
      rubocop-ast (>= 1.30.0, < 2.0)
      ruby-progressbar (~> 1.7)
      unicode-display_width (>= 2.4.0, < 3.0)
    rubocop-ast (1.30.0)
      parser (>= 3.2.1.0)
    ruby-progressbar (1.13.0)
    simplecov (0.22.0)
      docile (~> 1.1)
      simplecov-html (~> 0.11)
      simplecov_json_formatter (~> 0.1)
    simplecov-html (0.12.3)
    simplecov_json_formatter (0.1.4)
    thor (1.2.2)
    tzinfo (2.0.6)
      concurrent-ruby (~> 1.0)
    unicode-display_width (2.5.0)
    yard (0.9.34)

PLATFORMS
  x86_64-linux

DEPENDENCIES
  bootsnap (~> 1.16)
  pry
  rake (~> 13.0)
  relaxed-rubocop
  rspec (~> 3.0)
  rubocop (~> 1.21)
  simplecov
  verse-core!
  verse-redis!
  verse-schema!
  yard

BUNDLED WITH
   2.4.10
